GEM
  remote: https://rubygems.org/
  specs:
    actionpack (5.1.4)
      actionview (= 5.1.4)
      activesupport (= 5.1.4)
      rack (~> 2.0)
      rack-test (>= 0.6.3)
      rails-dom-testing (~> 2.0)
      rails-html-sanitizer (~> 1.0, >= 1.0.2)
    actionview (5.1.4)
      activesupport (= 5.1.4)
      builder (~> 3.1)
      erubi (~> 1.4)
      rails-dom-testing (~> 2.0)
      rails-html-sanitizer (~> 1.0, >= 1.0.3)
    activemodel (5.1.4)
      activesupport (= 5.1.4)
    activemodel-serializers-xml (1.0.2)
      activemodel (> 5.x)
      activesupport (> 5.x)
      builder (~> 3.1)
    activesupport (5.1.4)
      concurrent-ruby (~> 1.0, >= 1.0.2)
      i18n (~> 0.7)
      minitest (~> 5.1)
      tzinfo (~> 1.1)
    airbrussh (1.3.1)
      sshkit (>= 1.6.1, != 1.7.0)
    arkaan (1.4.7)
      activemodel (= 5.1.4)
      activesupport (= 5.1.4)
      bcrypt (= 3.1.11)
      dotenv (= 2.7.2)
      draper (= 3.0.1)
      faraday (= 0.15.2)
      mongoid (= 7.0.1)
      platform-api (= 2.1.0)
      sinatra (= 2.0.1)
      sinatra-contrib (= 2.0.1)
    ast (2.4.0)
    backports (3.15.0)
    bcrypt (3.1.11)
    bson (4.3.0)
    builder (3.2.3)
    capistrano (3.11.0)
      airbrussh (>= 1.0.0)
      i18n
      rake (>= 10.0.0)
      sshkit (>= 1.9.0)
    capistrano-bundler (1.5.0)
      capistrano (~> 3.1)
    capistrano-rvm (0.1.1)
      capistrano (~> 3.0)
      sshkit (~> 1.2)
    coderay (1.1.2)
    concurrent-ruby (1.0.5)
    crass (1.0.3)
    database_cleaner (1.6.1)
    diff-lcs (1.3)
    docile (1.1.5)
    dotenv (2.7.2)
    draper (3.0.1)
      actionpack (~> 5.0)
      activemodel (~> 5.0)
      activemodel-serializers-xml (~> 1.0)
      activesupport (~> 5.0)
      request_store (~> 1.0)
    erubi (1.7.0)
    erubis (2.7.0)
    excon (0.64.0)
    factory_girl (4.8.1)
      activesupport (>= 3.0.0)
    faraday (0.15.2)
      multipart-post (>= 1.2, < 3)
    heroics (0.0.25)
      erubis (~> 2.0)
      excon
      moneta
      multi_json (>= 1.9.2)
    i18n (0.9.3)
      concurrent-ruby (~> 1.0)
    json (2.1.0)
    loofah (2.1.1)
      crass (~> 1.0.2)
      nokogiri (>= 1.5.9)
    method_source (0.9.0)
    mini_portile2 (2.3.0)
    minitest (5.11.3)
    moneta (0.8.1)
    mongo (2.6.2)
      bson (>= 4.3.0, < 5.0.0)
    mongoid (7.0.1)
      activemodel (>= 5.1, < 6.0.0)
      mongo (>= 2.5.1, < 3.0.0)
    multi_json (1.13.1)
    multipart-post (2.1.1)
    mustermann (1.0.2)
    net-scp (2.0.0)
      net-ssh (>= 2.6.5, < 6.0.0)
    net-ssh (5.2.0)
    nokogiri (1.8.2)
      mini_portile2 (~> 2.3.0)
    parallel (1.12.1)
    parser (2.4.0.2)
      ast (~> 2.3)
    platform-api (2.1.0)
      heroics (~> 0.0.23)
      moneta (~> 0.8.1)
    powerpack (0.1.1)
    pry (0.11.1)
      coderay (~> 1.1.0)
      method_source (~> 0.9.0)
    rack (2.0.4)
    rack-protection (2.0.1)
      rack
    rack-test (0.7.0)
      rack (>= 1.0, < 3)
    rails-dom-testing (2.0.3)
      activesupport (>= 4.2.0)
      nokogiri (>= 1.6)
    rails-html-sanitizer (1.0.3)
      loofah (~> 2.0)
    rainbow (3.0.0)
    rake (12.3.0)
    request_store (1.4.0)
      rack (>= 1.4)
    rspec (3.6.0)
      rspec-core (~> 3.6.0)
      rspec-expectations (~> 3.6.0)
      rspec-mocks (~> 3.6.0)
    rspec-core (3.6.0)
      rspec-support (~> 3.6.0)
    rspec-expectations (3.6.0)
      diff-lcs (>= 1.2.0, < 2.0)
      rspec-support (~> 3.6.0)
    rspec-mocks (3.6.0)
      diff-lcs (>= 1.2.0, < 2.0)
      rspec-support (~> 3.6.0)
    rspec-support (3.6.0)
    rubocop (0.52.1)
      parallel (~> 1.10)
      parser (>= 2.4.0.2, < 3.0)
      powerpack (~> 0.1)
      rainbow (>= 2.2.2, < 4.0)
      ruby-progressbar (~> 1.7)
      unicode-display_width (~> 1.0, >= 1.0.1)
    ruby-progressbar (1.9.0)
    simplecov (0.15.1)
      docile (~> 1.1.0)
      json (>= 1.8, < 3)
      simplecov-html (~> 0.10.0)
    simplecov-html (0.10.2)
    sinatra (2.0.1)
      mustermann (~> 1.0)
      rack (~> 2.0)
      rack-protection (= 2.0.1)
      tilt (~> 2.0)
    sinatra-contrib (2.0.1)
      backports (>= 2.0)
      multi_json
      mustermann (~> 1.0)
      rack-protection (= 2.0.1)
      sinatra (= 2.0.1)
      tilt (>= 1.3, < 3)
    sshkit (1.18.2)
      net-scp (>= 1.1.2)
      net-ssh (>= 2.8.0)
    thread_safe (0.3.6)
    tilt (2.0.8)
    tzinfo (1.2.4)
      thread_safe (~> 0.1)
    unicode-display_width (1.3.0)

PLATFORMS
  ruby

DEPENDENCIES
  arkaan (= 1.4.7)
  bcrypt (= 3.1.11)
  capistrano (= 3.11.0)
  capistrano-bundler (= 1.5.0)
  capistrano-rvm (= 0.1.1)
  database_cleaner (= 1.6.1)
  dotenv (= 2.7.2)
  draper (= 3.0.1)
  factory_girl (= 4.8.1)
  mongoid (= 7.0.1)
  pry (= 0.11.1)
  rack-test (= 0.7.0)
  rake
  rspec (= 3.6.0)
  rubocop
  simplecov (= 0.15.1)
  sinatra (= 2.0.1)

BUNDLED WITH
   1.17.2
